GEM
  remote: https://rubygems.org/
  specs:
    curses (1.4.4)

PLATFORMS
  arm64-darwin-22

DEPENDENCIES
  curses

BUNDLED WITH
   2.4.20
