GEM
  remote: https://rubygems.org/
  specs:
    curses (1.4.4)
    nokogiri (1.15.4-arm64-darwin)
      racc (~> 1.4)
    nokogiri (1.15.4-x64-mingw-ucrt)
      racc (~> 1.4)
    racc (1.7.1)
    redcarpet (3.6.0)

PLATFORMS
  arm64-darwin-22
  x64-mingw-ucrt

DEPENDENCIES
  curses
  nokogiri (= 1.15.4)
  redcarpet

BUNDLED WITH
   2.4.20
